PATH
  remote: .
  specs:
    frankly (0.0.1)
      i18n
      sim_launcher

GEM
  remote: http://rubygems.org/
  specs:
    i18n (0.6.0)
    rack (1.4.1)
    rack-protection (1.2.0)
      rack
    rake (0.9.2.2)
    sim_launcher (0.3.8)
      sinatra
    sinatra (1.3.2)
      rack (~> 1.3, >= 1.3.6)
      rack-protection (~> 1.2)
      tilt (~> 1.3, >= 1.3.3)
    tilt (1.3.3)

PLATFORMS
  ruby

DEPENDENCIES
  frankly!
  rake
